GIT
  remote: git://github.com/github/statsd-ruby.git
  revision: 9d078e6d8d99c3276b93837019860f57a7a679dc
  specs:
    statsd-ruby (0.3.0.github.1)

GIT
  remote: git://github.com/postrank-labs/goliath.git
  revision: 1096caa084a698ded69800c86ddd5d722009af67
  specs:
    goliath (1.0.0.beta.1)
      async-rack
      em-synchrony (>= 1.0.0)
      em-websocket
      eventmachine (>= 1.0.0.beta.4)
      http_parser.rb (= 0.5.3)
      log4r
      multi_json
      rack (>= 1.2.2)
      rack-contrib
      rack-respond_to

GEM
  remote: http://rubygems.org/
  specs:
    addressable (2.2.8)
    async-rack (0.5.1)
      rack (~> 1.1)
    builder (3.0.0)
    capify-ec2 (1.2.9)
      capistrano
      colored (= 1.2)
      fog (= 1.3.1)
    capistrano (2.12.0)
      highline
      net-scp (>= 1.0.0)
      net-sftp (>= 2.0.0)
      net-ssh (>= 2.0.14)
      net-ssh-gateway (>= 1.1.0)
    colored (1.2)
    em-synchrony (1.0.1)
      eventmachine (>= 1.0.0.beta.1)
    em-websocket (0.3.6)
      addressable (>= 2.1.1)
      eventmachine (>= 0.12.9)
    em-zeromq (0.3.0)
      eventmachine (= 1.0.0.beta.4)
      ffi (>= 1.0.0)
      ffi-rzmq (= 0.9.3)
    eventmachine (1.0.0.beta.4)
    excon (0.13.4)
    ffi (1.0.11)
    ffi-rzmq (0.9.3)
      ffi
    fog (1.3.1)
      builder
      excon (~> 0.13.0)
      formatador (~> 0.2.0)
      mime-types
      multi_json (~> 1.0)
      net-scp (~> 1.0.4)
      net-ssh (>= 2.1.3)
      nokogiri (~> 1.5.0)
      ruby-hmac
    foreman (0.40.0)
      term-ansicolor (~> 1.0.7)
      thor (>= 0.13.6)
    formatador (0.2.3)
    grape (0.2.0)
      hashie (~> 1.2)
      multi_json
      multi_xml
      rack
      rack-mount
    hashie (1.2.0)
    highline (1.6.13)
    http_parser.rb (0.5.3)
    leveldb-ruby (0.14)
    linefit (0.3.0)
    log4r (1.1.10)
    mime-types (1.19)
    multi_json (1.3.6)
    multi_xml (0.5.1)
    net-scp (1.0.4)
      net-ssh (>= 1.99.1)
    net-sftp (2.0.5)
      net-ssh (>= 2.0.9)
    net-ssh (2.5.2)
    net-ssh-gateway (1.1.0)
      net-ssh (>= 1.99.1)
    nokogiri (1.5.5)
    rack (1.4.1)
    rack-accept-media-types (0.9)
    rack-contrib (1.1.0)
      rack (>= 0.9.1)
    rack-mount (0.8.3)
      rack (>= 1.0.0)
    rack-respond_to (0.9.8)
      rack-accept-media-types (>= 0.6)
    rack-test (0.6.1)
      rack (>= 1.0)
    ruby-hmac (0.4.0)
    term-ansicolor (1.0.7)
    thor (0.14.6)
    yajl-ruby (1.1.0)

PLATFORMS
  ruby

DEPENDENCIES
  capify-ec2
  capistrano
  em-zeromq (= 0.3.0)
  eventmachine (= 1.0.0.beta.4)
  foreman (= 0.40.0)
  goliath!
  grape
  leveldb-ruby (= 0.14)
  linefit (= 0.3.0)
  rack-test
  statsd-ruby!
  yajl-ruby (= 1.1.0)
